GIT
  remote: git://github.com/danryan/fakefs.git
  revision: 95f4ef407909641218594c51002524a5cc72ab8b
  specs:
    fakefs (0.3.1)

GEM
  remote: http://rubygems.org/
  specs:
    diff-lcs (1.1.2)
    git (1.2.5)
    jeweler (1.5.2)
      bundler (~> 1.0.0)
      git (>= 1.2.5)
      rake
    json (1.5.1)
    mime-types (1.16)
    rake (0.8.7)
    rcov (0.9.9)
    rest-client (1.6.1)
      mime-types (>= 1.16)
    rspec (2.5.0)
      rspec-core (~> 2.5.0)
      rspec-expectations (~> 2.5.0)
      rspec-mocks (~> 2.5.0)
    rspec-core (2.5.1)
    rspec-expectations (2.5.0)
      diff-lcs (~> 1.1.2)
    rspec-mocks (2.5.0)
    spork (0.9.0.rc4)
    watchr (0.7)
    yard (0.6.4)

PLATFORMS
  ruby

DEPENDENCIES
  bundler (~> 1.0.0)
  fakefs!
  jeweler (~> 1.5.2)
  json
  rcov
  rest-client
  rspec (~> 2.5.0)
  spork (~> 0.9.0.rc4)
  watchr
  yard (~> 0.6.0)
