GEM
  remote: http://rubygems.org/
  specs:
    mixlib-cli (1.2.0)
    yajl-ruby (0.8.2)

PLATFORMS
  ruby

DEPENDENCIES
  mixlib-cli
  yajl-ruby
