PATH
  remote: .
  specs:
    overwatch-cli (0.1.0)
      clamp (>= 0.2.2)
      formatador (>= 0.2.0)
      hirb (= 0.4.5)
      rest-client (>= 1.6.3)
      yajl-ruby (>= 0.8.2)

GEM
  remote: http://rubygems.org/
  specs:
    clamp (0.2.2)
    diff-lcs (1.1.2)
    formatador (0.2.0)
    hirb (0.4.5)
    json (1.5.3)
    json_spec (0.5.0)
      json (~> 1.0)
      rspec (~> 2.0)
    mime-types (1.16)
    rest-client (1.6.3)
      mime-types (>= 1.16)
    rspec (2.6.0)
      rspec-core (~> 2.6.0)
      rspec-expectations (~> 2.6.0)
      rspec-mocks (~> 2.6.0)
    rspec-core (2.6.4)
    rspec-expectations (2.6.0)
      diff-lcs (~> 1.1.2)
    rspec-mocks (2.6.0)
    spork (0.9.0.rc9)
    watchr (0.7)
    yajl-ruby (0.8.2)
    yard (0.7.2)

PLATFORMS
  ruby

DEPENDENCIES
  json_spec (>= 0.5.0)
  overwatch-cli!
  rspec (>= 2.6.0)
  spork (>= 0.9.0.rc8)
  watchr (>= 0.7)
  yard
